GEM
  remote: https://rubygems.org/
  specs:
    bourbon (3.1.8)
      sass (>= 3.2.0)
      thor
    neat (1.5.0)
      bourbon (>= 2.1)
      sass (>= 3.2)
    sass (3.3.4)
    thor (0.19.1)

PLATFORMS
  ruby

DEPENDENCIES
  bourbon (~> 3.1.8)
  neat (~> 1.5.0)
  sass (~> 3.3.0)
